PATH
  remote: .
  specs:
    woocommerce-ruby3-api (1.5.0)
      addressable (~> 2.8.1)
      base64 (~> 0.2.0)
      httparty (~> 0.23.1)
      json (~> 2.10.2, >= 2.6.0)

GEM
  remote: https://rubygems.org/
  specs:
    addressable (2.8.7)
      public_suffix (>= 2.0.2, < 7.0)
    base64 (0.2.0)
    bigdecimal (3.1.9)
    bundler-audit (0.9.2)
      bundler (>= 1.2.0, < 3)
      thor (~> 1.0)
    crack (1.0.0)
      bigdecimal
      rexml
    csv (3.3.3)
    hashdiff (1.1.2)
    httparty (0.23.1)
      csv
      mini_mime (>= 1.0.0)
      multi_xml (>= 0.5.2)
    json (2.10.2)
    mini_mime (1.1.5)
    minitest (5.25.5)
    multi_xml (0.7.1)
      bigdecimal (~> 3.1)
    public_suffix (6.0.1)
    rake (13.2.1)
    rexml (3.4.1)
    thor (1.3.2)
    webmock (3.25.1)
      addressable (>= 2.8.0)
      crack (>= 0.3.2)
      hashdiff (>= 0.4.0, < 2.0.0)

PLATFORMS
  arm64-darwin-23
  ruby

DEPENDENCIES
  bundler-audit (~> 0.9.1)
  minitest (~> 5.25.5)
  rake (~> 13.2.1)
  webmock (~> 3.25.1)
  woocommerce-ruby3-api!

BUNDLED WITH
   2.6.2
